GEM
  remote: http://rubygems.org/
  specs:
    diff-lcs (1.1.3)
    nokogiri (1.5.2)
    rack (1.1.3)
    rack-test (0.5.7)
      rack (>= 1.0)
    rake (0.9.2.2)
    rspec (2.9.0)
      rspec-core (~> 2.9.0)
      rspec-expectations (~> 2.9.0)
      rspec-mocks (~> 2.9.0)
    rspec-core (2.9.0)
    rspec-expectations (2.9.1)
      diff-lcs (~> 1.1.3)
    rspec-mocks (2.9.0)
    shotgun (0.9)
      rack (>= 1.0)
    sinatra (1.2.8)
      rack (~> 1.1)
      tilt (>= 1.2.2, < 2.0)
    tilt (1.3.3)
    webrat (0.7.3)
      nokogiri (>= 1.2.0)
      rack (>= 1.0)
      rack-test (>= 0.5.3)

PLATFORMS
  ruby

DEPENDENCIES
  bundler (~> 1.0)
  rack (~> 1.1.0)
  rack-test (~> 0.5.3)
  rake
  rspec (~> 2.0)
  shotgun
  sinatra (~> 1.0)
  webrat
